GEM
  remote: http://rubygems.org/
  specs:
    dalli (1.0.1)
    diff-lcs (1.1.2)
    rack (1.2.1)
    rack-test (0.5.7)
      rack (>= 1.0)
    rake (0.8.7)
    rspec (2.4.0)
      rspec-core (~> 2.4.0)
      rspec-expectations (~> 2.4.0)
      rspec-mocks (~> 2.4.0)
    rspec-core (2.4.0)
    rspec-expectations (2.4.0)
      diff-lcs (~> 1.1.2)
    rspec-mocks (2.4.0)
    shotgun (0.8)
      rack (>= 1.0)
    sinatra (1.1.2)
      rack (~> 1.1)
      tilt (~> 1.2)
    sinatra-sindalli (0.0.2)
      dalli
    tilt (1.2.2)

PLATFORMS
  ruby

DEPENDENCIES
  dalli
  rack-test
  rake
  rspec
  shotgun
  sinatra
  sinatra-sindalli
